GEM
  remote: https://rubygems.org/
  specs:
    base64 (0.1.1)
    faraday (2.7.11)
      base64
      faraday-net_http (>= 2.0, < 3.1)
      ruby2_keywords (>= 0.0.4)
    faraday-multipart (1.0.4)
      multipart-post (~> 2)
    faraday-net_http (3.0.2)
    multipart-post (2.3.0)
    ruby2_keywords (0.0.5)

PLATFORMS
  ruby

DEPENDENCIES
  faraday
  faraday-multipart

BUNDLED WITH
   1.17.2
